GEM
  remote: https://rubygems.org/
  specs:
    backports (3.18.1)
    coderay (1.1.3)
    json (2.3.0)
    method_source (1.0.0)
    minitest (5.14.1)
    multi_json (1.14.1)
    mustermann (1.1.1)
      ruby2_keywords (~> 0.0.1)
    net-ldap (0.16.2)
    pry (0.13.1)
      coderay (~> 1.1)
      method_source (~> 1.0)
    rack (2.2.3)
    rack-protection (2.0.8.1)
      rack
    rake (13.0.1)
    ruby2_keywords (0.0.2)
    shotgun (0.9.2)
      rack (>= 1.0)
    sinatra (2.0.8.1)
      mustermann (~> 1.0)
      rack (~> 2.0)
      rack-protection (= 2.0.8.1)
      tilt (~> 2.0)
    sinatra-contrib (2.0.8.1)
      backports (>= 2.8.2)
      multi_json
      mustermann (~> 1.0)
      rack-protection (= 2.0.8.1)
      sinatra (= 2.0.8.1)
      tilt (~> 2.0)
    sinatra-cross_origin (0.4.0)
    tilt (2.0.10)

PLATFORMS
  ruby

DEPENDENCIES
  json (~> 2.1)
  minitest
  net-ldap (~> 0.16)
  pry
  rack (>= 2.1.4)
  rake (>= 12.3.3)
  shotgun
  sinatra (~> 2.0.2)
  sinatra-contrib (~> 2.0)
  sinatra-cross_origin (~> 0.4)

BUNDLED WITH
   2.1.4
