GEM
  remote: https://rubygems.org/
  specs:
    backports (3.11.0)
    coderay (1.1.2)
    json (2.1.0)
    method_source (0.9.0)
    minitest (5.11.1)
    multi_json (1.12.2)
    mustermann (1.0.1)
    net-ldap (0.16.1)
    pry (0.11.3)
      coderay (~> 1.1.0)
      method_source (~> 0.9.0)
    rack (2.0.3)
    rack-protection (2.0.0)
      rack
    rake (12.3.0)
    shotgun (0.9.2)
      rack (>= 1.0)
    sinatra (2.0.0)
      mustermann (~> 1.0)
      rack (~> 2.0)
      rack-protection (= 2.0.0)
      tilt (~> 2.0)
    sinatra-contrib (2.0.0)
      backports (>= 2.0)
      multi_json
      mustermann (~> 1.0)
      rack-protection (= 2.0.0)
      sinatra (= 2.0.0)
      tilt (>= 1.3, < 3)
    sinatra-cross_origin (0.4.0)
    tilt (2.0.8)

PLATFORMS
  ruby

DEPENDENCIES
  json (~> 2.1)
  minitest
  net-ldap (~> 0.16)
  pry
  rake
  shotgun
  sinatra (~> 2.0)
  sinatra-contrib (~> 2.0)
  sinatra-cross_origin (~> 0.4)

BUNDLED WITH
   1.16.1
